GEM
  remote: https://rubygems.org/
  specs:
    docile (1.3.2)
    minitest (5.14.1)
    simplecov (0.18.5)
      docile (~> 1.1)
      simplecov-html (~> 0.11)
    simplecov-html (0.12.2)

PLATFORMS
  ruby

DEPENDENCIES
  minitest
  simplecov

BUNDLED WITH
   2.1.4
